GEM
  remote: http://rubygems.org/
  specs:
    diff-lcs (1.1.3)
    json (1.5.4)
    macaddr (1.6.1)
      systemu (~> 2.5.0)
    redcarpet (2.2.2)
    rspec (2.11.0)
      rspec-core (~> 2.11.0)
      rspec-expectations (~> 2.11.0)
      rspec-mocks (~> 2.11.0)
    rspec-core (2.11.1)
    rspec-expectations (2.11.3)
      diff-lcs (~> 1.1.3)
    rspec-mocks (2.11.3)
    systemu (2.5.2)
    uuid (2.3.6)
      macaddr (~> 1.0)
    zmq (2.1.4)

PLATFORMS
  ruby

DEPENDENCIES
  json
  redcarpet
  rspec
  uuid
  zmq
